GIT
  remote: https://github.com/rspec/rspec
  revision: 76508427dcfc3000696aecd493e610f459c3ef85
  specs:
    rspec (3.3.0.pre)
      rspec-core (= 3.3.0.pre)
      rspec-expectations (= 3.3.0.pre)
      rspec-mocks (= 3.3.0.pre)

GIT
  remote: https://github.com/rspec/rspec-core
  revision: 5375dcdfdb5460a51d5003de76eb124997fa26ea
  specs:
    rspec-core (3.3.0.pre)
      rspec-support (= 3.3.0.pre)

GIT
  remote: https://github.com/rspec/rspec-expectations
  revision: 52641504527841c2bcd1510e1249df2274cbcf39
  specs:
    rspec-expectations (3.3.0.pre)
      diff-lcs (>= 1.2.0, < 2.0)
      rspec-support (= 3.3.0.pre)

GIT
  remote: https://github.com/rspec/rspec-mocks
  revision: c2e12d379aa8fa7067bf2db97bfdd14d1de3a805
  specs:
    rspec-mocks (3.3.0.pre)
      diff-lcs (>= 1.2.0, < 2.0)
      rspec-support (= 3.3.0.pre)

GIT
  remote: https://github.com/rspec/rspec-support
  revision: 6776beabdbec73e019cf5d9a71361c550391b245
  specs:
    rspec-support (3.3.0.pre)

GEM
  remote: https://rubygems.org/
  specs:
    colored (1.2)
    diff-lcs (1.2.5)

PLATFORMS
  ruby

DEPENDENCIES
  colored
  rspec!
  rspec-core!
  rspec-expectations!
  rspec-mocks!
  rspec-support!
